GEM
  remote: https://rubygems.org/
  specs:
    RedCloth (4.2.9)
    blankslate (2.1.2.4)
    builder (3.2.0)
    childprocess (0.5.1)
      ffi (~> 1.0, >= 1.0.11)
    chunky_png (1.2.8)
    classifier (1.3.4)
      fast-stemmer (>= 1.0.0)
    cmdparse (2.0.5)
    colorator (0.1)
    colorize (0.7.0)
    commander (4.1.5)
      highline (~> 1.6.11)
    compass (0.12.2)
      chunky_png (~> 1.2)
      fssm (>= 0.2.7)
      sass (~> 3.1)
    excon (0.20.1)
    fast-stemmer (1.0.2)
    ffi (1.9.3)
    fog (1.10.0)
      builder
      excon (~> 0.14)
      formatador (~> 0.2.0)
      mime-types
      multi_json (~> 1.0)
      net-scp (~> 1.1)
      net-ssh (>= 2.1.3)
      nokogiri (~> 1.5.0)
      ruby-hmac
    formatador (0.2.4)
    fssm (0.2.10)
    github-pages (14)
      RedCloth (= 4.2.9)
      jekyll (= 1.4.3)
      kramdown (= 1.3.1)
      liquid (= 2.5.5)
      maruku (= 0.7.0)
      rdiscount (= 2.1.7)
      redcarpet (= 2.3.0)
    gli (2.9.0)
    highline (1.6.17)
    janus-cli (0.2.0)
      colorize (~> 0.7.0)
      gli (~> 2.8)
      oily_png (~> 1.1)
      sauce-connect (~> 3.3.1)
      selenium-webdriver (~> 2.37)
    jekyll (1.4.3)
      classifier (~> 1.3)
      colorator (~> 0.1)
      commander (~> 4.1.3)
      liquid (~> 2.5.5)
      listen (~> 1.3)
      maruku (~> 0.7.0)
      pygments.rb (~> 0.5.0)
      redcarpet (~> 2.3.0)
      safe_yaml (~> 0.9.7)
      toml (~> 0.1.0)
    json (1.8.1)
    kramdown (1.3.1)
    liquid (2.5.5)
    listen (1.3.1)
      rb-fsevent (>= 0.9.3)
      rb-inotify (>= 0.9)
      rb-kqueue (>= 0.2)
    maruku (0.7.0)
    mime-types (1.22)
    multi_json (1.9.2)
    net-http-persistent (2.9.4)
    net-scp (1.1.0)
      net-ssh (>= 2.6.5)
    net-ssh (2.6.6)
    net-ssh-gateway (1.2.0)
      net-ssh (>= 2.6.5)
    nokogiri (1.5.9)
    oily_png (1.1.0)
      chunky_png (~> 1.2.7)
    parallel (0.9.2)
    parallel_tests (0.16.6)
      parallel
    parslet (1.5.0)
      blankslate (~> 2.0)
    posix-spawn (0.3.8)
    pygments.rb (0.5.4)
      posix-spawn (~> 0.3.6)
      yajl-ruby (~> 1.1.0)
    rake (10.0.4)
    rb-fsevent (0.9.4)
    rb-inotify (0.9.3)
      ffi (>= 0.5.0)
    rb-kqueue (0.2.0)
      ffi (>= 0.5.0)
    rdiscount (2.1.7)
    redcarpet (2.3.0)
    rest-client (1.6.7)
      mime-types (>= 1.16)
    ruby-hmac (0.4.0)
    rubyzip (1.1.2)
    safe_yaml (0.9.7)
    sass (3.2.7)
    sauce (3.4.0)
      childprocess (>= 0.1.6)
      cmdparse (>= 2.0.2)
      highline (>= 1.5.0)
      json (>= 1.2.0)
      net-http-persistent
      net-ssh
      net-ssh-gateway
      parallel_tests (= 0.16.6)
      rest-client
      sauce_whisk (~> 0.0.11)
      selenium-webdriver (>= 0.1.2)
    sauce-connect (3.3.1)
      sauce (~> 3.3)
    sauce_whisk (0.0.12)
      rest-client
    selenium-webdriver (2.40.0)
      childprocess (>= 0.5.0)
      multi_json (~> 1.0)
      rubyzip (~> 1.0)
      websocket (~> 1.0.4)
    toml (0.1.0)
      parslet (~> 1.5.0)
    websocket (1.0.7)
    yajl-ruby (1.1.0)

PLATFORMS
  ruby

DEPENDENCIES
  compass
  fog
  github-pages
  janus-cli
  rake
